GEM
  remote: https://rubygems.org/
  specs:
    i18n (0.6.4)
    money (5.1.1)
      i18n (~> 0.6.0)

PLATFORMS
  ruby

DEPENDENCIES
  money
